PATH
  remote: .
  specs:
    ruby_protobuf (0.4.0.13)
      eventmachine (~> 0.12.10)
      thor (~> 0.14.6)

GEM
  remote: http://rubygems.org/
  remote: http://gems.moneydesktop.com/
  specs:
    diff-lcs (1.1.2)
    eventmachine (0.12.10)
    rspec (2.3.0)
      rspec-core (~> 2.3.0)
      rspec-expectations (~> 2.3.0)
      rspec-mocks (~> 2.3.0)
    rspec-core (2.3.1)
    rspec-expectations (2.3.0)
      diff-lcs (~> 1.1.2)
    rspec-mocks (2.3.0)
    thor (0.14.6)

PLATFORMS
  ruby

DEPENDENCIES
  rspec (~> 2.3.0)
  ruby_protobuf!
