PATH
  remote: .
  specs:
    ruby_protobuf (0.4.0.16)
      eventmachine (~> 0.12.10)

GEM
  remote: http://rubygems.org/
  remote: http://gems.moneydesktop.com/
  specs:
    diff-lcs (1.1.2)
    eventmachine (0.12.10)
    rake (0.8.7)
    rspec (2.3.0)
      rspec-core (~> 2.3.0)
      rspec-expectations (~> 2.3.0)
      rspec-mocks (~> 2.3.0)
    rspec-core (2.3.1)
    rspec-expectations (2.3.0)
      diff-lcs (~> 1.1.2)
    rspec-mocks (2.3.0)

PLATFORMS
  ruby

DEPENDENCIES
  rake (~> 0.8.7)
  rspec (~> 2.3.0)
  ruby_protobuf!
